GEM
  remote: http://rubygems.org/
  specs:
    amatch (0.2.6)
      spruz (~> 0.2)
    amqp (0.7.1)
      eventmachine (>= 0.12.4)
    antlr3 (1.10.0)
    bson (1.3.1)
    bson_ext (1.4.0)
    daemons (1.1.3)
    diff-lcs (1.1.2)
    directory_watcher (1.4.0)
    eventmachine (1.0.0.beta.3)
    git (1.2.5)
    hpricot (0.8.4)
    jeweler (1.6.2)
      bundler (~> 1.0)
      git (>= 1.2.5)
      rake
    log4r (1.1.9)
    mini_portile (0.6.0)
    mongo (1.3.1)
      bson (>= 1.3.1)
    narray (0.6.0.9)
    nokogiri (1.6.3.1)
      mini_portile (= 0.6.0)
    plympton (1.1.0)
      antlr3 (~> 1.10)
      narray (~> 0.6)
      nokogiri (~> 1.6)
    rake (0.9.1)
    rake-compiler (0.8.1)
      rake
    rspec (2.3.0)
      rspec-core (~> 2.3.0)
      rspec-expectations (~> 2.3.0)
      rspec-mocks (~> 2.3.0)
    rspec-core (2.3.1)
    rspec-expectations (2.3.0)
      diff-lcs (~> 1.1.2)
    rspec-mocks (2.3.0)
    rubyzip (0.9.4)
    spruz (0.2.11)
    thor (0.14.6)
    uuidtools (2.1.2)
    yard (0.6.8)

PLATFORMS
  ruby

DEPENDENCIES
  amatch (>= 0.2.6)
  amqp (>= 0.7.1)
  bson_ext (~> 1.4.0)
  bundler (~> 1.7.3)
  daemons (>= 1.1.3)
  directory_watcher (>= 1.4.0)
  hpricot (>= 0.8.4)
  jeweler (~> 1.6.0)
  log4r (>= 1.1.9)
  mongo (>= 1.3.1)
  nokogiri (~> 1.6.0)
  plympton (~> 1.1.0)
  rake-compiler (= 0.8.1)
  rspec (~> 2.3.0)
  rubyzip (>= 0.9.4)
  thor (>= 0.14.6)
  uuidtools (>= 2.1.2)
  yard (~> 0.6.0)
