GEM
  remote: http://rubygems.org/
  specs:
    addressable (2.3.6)
    amatch (0.3.0)
      tins (~> 1.0)
    amq-protocol (1.9.2)
    amqp (1.5.0)
      amq-protocol (>= 1.9.2)
      eventmachine
    antlr3 (1.10.0)
    bson (1.11.1)
    bson_ext (1.11.1)
      bson (~> 1.11.1)
    builder (3.2.2)
    coveralls (0.7.1)
      multi_json (~> 1.3)
      rest-client
      simplecov (>= 0.7)
      term-ansicolor
      thor
    daemons (1.1.3)
    descendants_tracker (0.0.4)
      thread_safe (~> 0.3, >= 0.3.1)
    diff-lcs (1.2.5)
    directory_watcher (1.5.1)
    docile (1.1.5)
    eventmachine (1.0.0.beta.3)
    faraday (0.9.0)
      multipart-post (>= 1.2, < 3)
    git (1.2.8)
    github_api (0.12.1)
      addressable (~> 2.3)
      descendants_tracker (~> 0.0.4)
      faraday (~> 0.8, < 0.10)
      hashie (>= 3.2)
      multi_json (>= 1.7.5, < 2.0)
      nokogiri (~> 1.6.3)
      oauth2
    hashie (3.3.1)
    highline (1.6.21)
    hpricot (0.8.4)
    iconv (1.0.4)
    jeweler (2.0.1)
      builder
      bundler (>= 1.0)
      git (>= 1.2.5)
      github_api
      highline (>= 1.6.15)
      nokogiri (>= 1.5.10)
      rake
      rdoc
    json (1.8.1)
    jwt (1.0.0)
    log4r (1.1.9)
    mime-types (2.4.1)
    mini_portile (0.6.0)
    mongo (1.11.1)
      bson (= 1.11.1)
    multi_json (1.10.1)
    multi_xml (0.5.5)
    multipart-post (2.0.0)
    narray (0.6.0.9)
    netrc (0.7.7)
    nokogiri (1.6.3.1)
      mini_portile (= 0.6.0)
    oauth2 (1.0.0)
      faraday (>= 0.8, < 0.10)
      jwt (~> 1.0)
      multi_json (~> 1.3)
      multi_xml (~> 0.5)
      rack (~> 1.2)
    plympton (1.1.0)
      antlr3 (~> 1.10)
      narray (~> 0.6)
      nokogiri (~> 1.6)
    rack (1.6.0.beta)
    rake (0.9.1)
    rake-compiler (0.9.3)
      rake
    rdoc (4.1.2)
      json (~> 1.4)
    rest-client (1.7.2)
      mime-types (>= 1.16, < 3.0)
      netrc (~> 0.7)
    rspec (3.1.0)
      rspec-core (~> 3.1.0)
      rspec-expectations (~> 3.1.0)
      rspec-mocks (~> 3.1.0)
    rspec-core (3.1.5)
      rspec-support (~> 3.1.0)
    rspec-expectations (3.1.2)
      diff-lcs (>= 1.2.0, < 2.0)
      rspec-support (~> 3.1.0)
    rspec-mocks (3.1.2)
      rspec-support (~> 3.1.0)
    rspec-support (3.1.1)
    rubyzip (0.9.4)
    simplecov (0.9.1)
      docile (~> 1.1.0)
      multi_json (~> 1.0)
      simplecov-html (~> 0.8.0)
    simplecov-html (0.8.0)
    term-ansicolor (1.3.0)
      tins (~> 1.0)
    thor (0.19.1)
    thread_safe (0.3.4)
    tins (1.3.3)
    uuidtools (2.1.2)
    yard (0.8.7.4)

PLATFORMS
  ruby

DEPENDENCIES
  amatch (~> 0.3)
  amqp (~> 1.5)
  bson_ext (~> 1.11)
  bundler (~> 1.7)
  coveralls (~> 0.7)
  daemons (~> 1.1)
  directory_watcher (~> 1.5)
  hpricot (~> 0.8)
  iconv (~> 1.0)
  jeweler (~> 2.0)
  log4r (~> 1.1)
  mongo (~> 1.11)
  nokogiri (~> 1.6)
  plympton (~> 1.1)
  rake-compiler (~> 0.9)
  rspec (~> 3.1)
  rubyzip (~> 0.9)
  thor (~> 0.19)
  uuidtools (~> 2.1)
  yard (~> 0.8)
